FRAMEWORK: >= NET45
NUGET
  remote: https://www.nuget.org/api/v2
    FSharp.Data (2.3.2)
    FsUnit (1.3.0.1)
      NUnit (>= 2.6.3)
    NUnit (2.6.3)
    NUnit.Console (3.5)
      NUnit.ConsoleRunner (>= 3.5)
      NUnit.Extension.NUnitProjectLoader (>= 3.5)
      NUnit.Extension.NUnitV2Driver (>= 3.5)
      NUnit.Extension.NUnitV2ResultWriter (>= 3.5)
      NUnit.Extension.TeamCityEventListener (>= 1.0.2)
      NUnit.Extension.VSProjectLoader (>= 3.5)
    NUnit.ConsoleRunner (3.5)
    NUnit.Extension.NUnitProjectLoader (3.5)
    NUnit.Extension.NUnitV2Driver (3.5)
    NUnit.Extension.NUnitV2ResultWriter (3.5)
    NUnit.Extension.TeamCityEventListener (1.0.2)
    NUnit.Extension.VSProjectLoader (3.5)
